GEM
  remote: http://rubygems.org/
  specs:
    json (1.6.3-java)

PLATFORMS
  java

DEPENDENCIES
  json
