GEM
  remote: http://rubygems.org/
  specs:
    json (2.3.0)
    json (2.3.0-java)

PLATFORMS
  java
  ruby

DEPENDENCIES
  json
